GEM
  remote: http://rubygems.org/
  specs:
    actionmailer (2.3.17)
      actionpack (= 2.3.17)
    actionpack (2.3.17)
      activesupport (= 2.3.17)
      rack (~> 1.1.0)
    activerecord (2.3.17)
      activesupport (= 2.3.17)
    activeresource (2.3.17)
      activesupport (= 2.3.17)
    activesupport (2.3.17)
    cells (3.3.10)
      rails (~> 2.3)
    chunky_png (1.2.8)
    coderay (1.0.9)
    coffee-script (2.2.0)
      coffee-script-source
      execjs
    coffee-script-source (1.6.3)
    columnize (0.3.6)
    commonjs (0.2.7)
    compass (0.12.2)
      chunky_png (~> 1.2)
      fssm (>= 0.2.7)
      sass (~> 3.1)
    compass-rails (1.0.3)
      compass (>= 0.12.2, < 0.14)
    ejs (1.1.1)
    execjs (2.0.2)
    font-awesome-less (4.2.0)
      less (~> 2.4.0)
    fssm (0.2.10)
    git (1.2.5)
    hike (1.2.3)
    image_science (1.2.1)
    json (1.7.7)
    json_pure (1.7.7)
    kgio (2.9.1)
    less (2.4.0)
      commonjs (~> 0.2.7)
    linecache (0.43)
    method_source (0.8.1)
    multi_json (1.9.2)
    pry (0.9.12.2)
      coderay (~> 1.0.5)
      method_source (~> 0.8)
      slop (~> 3.4)
    pry-nav (0.2.3)
      pry (~> 0.9.10)
    rack (1.1.6)
    rails (2.3.17)
      actionmailer (= 2.3.17)
      actionpack (= 2.3.17)
      activerecord (= 2.3.17)
      activeresource (= 2.3.17)
      activesupport (= 2.3.17)
      rake (>= 0.8.3)
    rails2_asset_pipeline (0.3.2)
      sprockets
    raindrops (0.12.0)
    rake (10.1.1)
    rdoc (4.0.1)
      json (~> 1.4)
    rspec (1.3.0)
    rspec-rails (1.3.2)
      rack (>= 1.0.0)
      rspec (>= 1.3.0)
    ruby-debug (0.10.3)
      columnize (>= 0.1)
      ruby-debug-base (~> 0.10.3.0)
    ruby-debug-base (0.10.3)
      linecache (>= 0.3)
    ruby18_source_location (0.2)
    rubyforge (2.0.4)
      json_pure (>= 1.1.7)
    rubygems-update (1.3.7)
    sass (3.2.10)
    slimgems (1.3.9.5)
    slop (3.4.5)
    sprockets (2.10.0)
      hike (~> 1.2)
      multi_json (~> 1.0)
      rack (~> 1.0)
      tilt (~> 1.1, != 1.3.0)
    sprockets-helpers (1.0.1)
      sprockets (~> 2.0)
    sprockets-sass (1.0.1)
      sprockets (~> 2.0)
      tilt (~> 1.1)
    sqlite3 (1.3.9)
    tilt (1.4.1)
    unicorn (4.3.1)
      kgio (~> 2.6)
      rack
      raindrops (~> 0.7)

PLATFORMS
  ruby

DEPENDENCIES
  cells (~> 3.3.9)
  coffee-script (= 2.2.0)
  coffee-script-source (= 1.6.3)
  compass-rails
  ejs
  execjs (= 2.0.2)
  font-awesome-less (~> 4.2.0)
  git (= 1.2.5)
  image_science (= 1.2.1)
  json (= 1.7.7)
  json_pure (= 1.7.7)
  pry
  pry-nav
  rack (~> 1.1.4)
  rails (= 2.3.17)
  rails2_asset_pipeline
  rdoc
  rspec (= 1.3.0)
  rspec-rails (= 1.3.2)
  ruby-debug (= 0.10.3)
  ruby-debug-base (= 0.10.3)
  ruby18_source_location
  rubyforge (= 2.0.4)
  rubygems-update (= 1.3.7)
  sass (= 3.2.10)
  slimgems
  sprockets-helpers
  sprockets-sass
  sqlite3
  unicorn (~> 4.3.1)
