GEM
  remote: http://rubygems.org/
  specs:
    actionmailer (2.3.17)
      actionpack (= 2.3.17)
    actionpack (2.3.17)
      activesupport (= 2.3.17)
      rack (~> 1.1.0)
    activerecord (2.3.17)
      activesupport (= 2.3.17)
    activeresource (2.3.17)
      activesupport (= 2.3.17)
    activesupport (2.3.17)
    cells (3.3.10)
      rails (~> 2.3)
    chunky_png (1.3.2)
    coderay (1.1.0)
    coffee-script (2.2.0)
      coffee-script-source
      execjs
    coffee-script-source (1.6.3)
    columnize (0.8.9)
    compass (0.12.2)
      chunky_png (~> 1.2)
      fssm (>= 0.2.7)
      sass (~> 3.1)
    compass-rails (2.0.0)
      compass (>= 0.12.2)
    ejs (1.1.1)
    execjs (2.0.2)
    fssm (0.2.10)
    git (1.2.5)
    hike (1.2.3)
    image_science (1.2.1)
    jrails (0.6.0)
    json (1.7.7)
    json_pure (1.7.7)
    kgio (2.9.2)
    linecache (0.46)
      rbx-require-relative (> 0.0.4)
    method_source (0.8.2)
    multi_json (1.10.1)
    pry (0.10.1)
      coderay (~> 1.1.0)
      method_source (~> 0.8.1)
      slop (~> 3.4)
    pry-nav (0.2.4)
      pry (>= 0.9.10, < 0.11.0)
    rack (1.1.6)
    rails (2.3.17)
      actionmailer (= 2.3.17)
      actionpack (= 2.3.17)
      activerecord (= 2.3.17)
      activeresource (= 2.3.17)
      activesupport (= 2.3.17)
      rake (>= 0.8.3)
    rails2_asset_pipeline (0.3.2)
      sprockets
    raindrops (0.13.0)
    rake (10.3.2)
    rbx-require-relative (0.0.9)
    rdoc (4.1.2)
      json (~> 1.4)
    ruby-debug (0.10.3)
      columnize (>= 0.1)
      ruby-debug-base (~> 0.10.3.0)
    ruby-debug-base (0.10.3)
      linecache (>= 0.3)
    ruby18_source_location (0.2)
    rubyforge (2.0.4)
      json_pure (>= 1.1.7)
    rubygems-update (1.3.7)
    sass (3.2.10)
    slimgems (1.3.9.5)
    slop (3.6.0)
    sprockets (2.12.2)
      hike (~> 1.2)
      multi_json (~> 1.0)
      rack (~> 1.0)
      tilt (~> 1.1, != 1.3.0)
    sprockets-helpers (1.1.0)
      sprockets (~> 2.0)
    sprockets-sass (1.2.0)
      sprockets (~> 2.0)
      tilt (~> 1.1)
    sqlite3 (1.3.9)
    tilt (1.4.1)
    unicorn (4.3.1)
      kgio (~> 2.6)
      rack
      raindrops (~> 0.7)

PLATFORMS
  ruby

DEPENDENCIES
  cells (~> 3.3.9)
  coffee-script (= 2.2.0)
  coffee-script-source (= 1.6.3)
  compass-rails
  ejs
  execjs (= 2.0.2)
  git (= 1.2.5)
  image_science (= 1.2.1)
  jrails (~> 0.6.0)
  json (= 1.7.7)
  json_pure (= 1.7.7)
  pry
  pry-nav
  rack (~> 1.1.4)
  rails (= 2.3.17)
  rails2_asset_pipeline
  rdoc
  ruby-debug (= 0.10.3)
  ruby-debug-base (= 0.10.3)
  ruby18_source_location
  rubyforge (= 2.0.4)
  rubygems-update (= 1.3.7)
  sass
  slimgems
  sprockets-helpers
  sprockets-sass
  sqlite3
  unicorn (~> 4.3.1)
